GEM
  remote: http://rubygems.org/
  specs:
    activemodel (6.0.0)
      activesupport (= 6.0.0)
    activesupport (6.0.0)
      concurrent-ruby (~> 1.0, >= 1.0.2)
      i18n (>= 0.7, < 2)
      minitest (~> 5.1)
      tzinfo (~> 1.1)
      zeitwerk (~> 2.1, >= 2.1.8)
    carrierwave (0.6.2)
      activemodel (>= 3.2.0)
      activesupport (>= 3.2.0)
    concurrent-ruby (1.1.5)
    daemons (1.1.8)
    eventmachine (0.12.10)
    i18n (1.7.0)
      concurrent-ruby (~> 1.0)
    minitest (5.12.2)
    rack (1.4.1)
    rack-protection (1.2.0)
      rack
    sinatra (1.3.2)
      rack (~> 1.3, >= 1.3.6)
      rack-protection (~> 1.2)
      tilt (~> 1.3, >= 1.3.3)
    thin (1.4.1)
      daemons (>= 1.0.9)
      eventmachine (>= 0.12.6)
      rack (>= 1.0.0)
    thread_safe (0.3.6)
    tilt (1.3.3)
    tzinfo (1.2.5)
      thread_safe (~> 0.1)
    zeitwerk (2.2.0)

PLATFORMS
  ruby

DEPENDENCIES
  carrierwave (~> 0.6.2)
  sinatra (~> 1.3.2)
  thin (~> 1.4.1)
